GEM
  remote: https://rubygems.org/
  specs:
    alfred-workflow (2.0.2)
      fuzzy_match (>= 2.0.4)
      gyoku (>= 1.1.0)
      moneta (>= 0.7.19)
      nori (>= 2.3.0)
      plist (>= 3.1.0)
      terminal-notifier (>= 1.5.0)
    builder (3.2.2)
    coveralls (0.7.0)
      multi_json (~> 1.3)
      rest-client
      simplecov (>= 0.7)
      term-ansicolor
      thor
    fuzzy_match (2.0.4)
    gyoku (1.1.0)
      builder (>= 2.1.2)
    mime-types (1.25)
    minitest (5.0.8)
    moneta (0.7.20)
    multi_json (1.8.0)
    nori (2.3.0)
    plist (3.1.0)
    rake (10.1.0)
    rest-client (1.6.7)
      mime-types (>= 1.16)
    simplecov (0.7.1)
      multi_json (~> 1.0)
      simplecov-html (~> 0.7.1)
    simplecov-html (0.7.1)
    term-ansicolor (1.2.2)
      tins (~> 0.8)
    terminal-notifier (1.5.1)
    thor (0.18.1)
    tins (0.11.0)

PLATFORMS
  ruby

DEPENDENCIES
  alfred-workflow (= 2.0.2)
  coveralls (= 0.7.0)
  minitest (= 5.0.8)
  plist (= 3.1.0)
  rake (= 10.1.0)
